GEM
  remote: https://rubygems.org/
  specs:
    awesome_print (1.9.2)
    concurrent-ruby (1.3.4)
    faker (2.22.0)
      i18n (>= 1.8.11, < 2)
    i18n (1.14.6)
      concurrent-ruby (~> 1.0)

PLATFORMS
  -darwin-21

DEPENDENCIES
  awesome_print (~> 1.9)
  faker

RUBY VERSION
   ruby 2.6.3p62

BUNDLED WITH
   2.3.19
